GEM
  remote: https://rubygems.org/
  specs:
    metaclass (0.0.4)
    mocha (0.12.10)
      metaclass (~> 0.0.1)
    rake (10.3.2)

PLATFORMS
  ruby

DEPENDENCIES
  mocha
  rake
