PATH
  remote: .
  specs:
    all_seeing_pi (0.0.3)
      fog
      httparty
      phashion

GEM
  remote: https://rubygems.org/
  specs:
    builder (3.2.2)
    coderay (1.1.0)
    excon (0.20.1)
    fog (1.10.1)
      builder
      excon (~> 0.20)
      formatador (~> 0.2.0)
      mime-types
      multi_json (~> 1.0)
      net-scp (~> 1.1)
      net-ssh (>= 2.1.3)
      nokogiri (~> 1.5.0)
      ruby-hmac
    formatador (0.2.4)
    httparty (0.11.0)
      multi_json (~> 1.0)
      multi_xml (>= 0.5.2)
    metaclass (0.0.4)
    method_source (0.8.2)
    mime-types (2.3)
    mocha (0.12.10)
      metaclass (~> 0.0.1)
    multi_json (1.10.1)
    multi_xml (0.5.5)
    net-scp (1.1.1)
      net-ssh (>= 2.6.5)
    net-ssh (2.6.7)
    nokogiri (1.5.11)
    phashion (1.1.1)
    pry (0.9.12.6)
      coderay (~> 1.0)
      method_source (~> 0.8)
      slop (~> 3.4)
    rake (10.3.2)
    ruby-hmac (0.4.0)
    slop (3.5.0)

PLATFORMS
  ruby

DEPENDENCIES
  all_seeing_pi!
  bundler (~> 1.5)
  mocha
  pry
  rake
