GEM
  remote: https://rubygems.org/
  specs:
    aws-sdk (1.11.3)
      json (~> 1.4)
      nokogiri (< 1.6.0)
      uuidtools (~> 2.1)
    coderay (1.1.0)
    json (1.8.1)
    metaclass (0.0.4)
    method_source (0.8.2)
    mocha (0.12.10)
      metaclass (~> 0.0.1)
    nokogiri (1.5.11)
    phashion (1.1.1)
    pry (0.9.12.6)
      coderay (~> 1.0)
      method_source (~> 0.8)
      slop (~> 3.4)
    rake (10.3.2)
    slop (3.5.0)
    uuidtools (2.1.4)

PLATFORMS
  ruby

DEPENDENCIES
  aws-sdk
  mocha
  phashion
  pry
  rake
