GEM
  remote: https://rubygems.org/
  specs:
    coderay (1.1.0)
    metaclass (0.0.4)
    method_source (0.8.2)
    mocha (0.12.10)
      metaclass (~> 0.0.1)
    phashion (1.1.1)
    pry (0.9.12.6)
      coderay (~> 1.0)
      method_source (~> 0.8)
      slop (~> 3.4)
    rake (10.3.2)
    slop (3.5.0)

PLATFORMS
  ruby

DEPENDENCIES
  mocha
  phashion
  pry
  rake
